PATH
  remote: .
  specs:
    trinsic (0.1.0)

GEM
  remote: https://rubygems.org/
  remote: https://rubygems.pkg.github.com/trinsic-id/
  specs:
    domain_name (0.5.20190701)
      unf (>= 0.0.5, < 1.0.0)
    ffi (1.15.3-x64-mingw32)
    google-protobuf (3.17.3-x64-mingw32)
    googleapis-common-protos-types (1.1.0)
      google-protobuf (~> 3.14)
    grpc (1.38.0-x64-mingw32)
      google-protobuf (~> 3.15)
      googleapis-common-protos-types (~> 1.0)
    http-accept (1.7.0)
    http-cookie (1.0.4)
      domain_name (~> 0.5)
    json (2.5.1)
    mime-types (3.3.1)
      mime-types-data (~> 3.2015)
    mime-types-data (3.2021.0704)
    minitest (5.14.4)
    netrc (0.11.0)
    okapi (0.1.1)
      json
      rest-client
    rake (12.3.3)
    rest-client (2.1.0-x64-mingw32)
      ffi (~> 1.9)
      http-accept (>= 1.7.0, < 2.0)
      http-cookie (>= 1.0.2, < 2.0)
      mime-types (>= 1.16, < 4.0)
      netrc (~> 0.8)
    unf (0.1.4)
      unf_ext
    unf_ext (0.0.7.7-x64-mingw32)

PLATFORMS
  x64-mingw32

DEPENDENCIES
  google-protobuf
  grpc
  minitest (~> 5.0)
  okapi (= 0.1.1)!
  rake (~> 12.0)
  trinsic!

BUNDLED WITH
   2.1.4
