PATH
  remote: .
  specs:
    trinsic (0.1.0)

GEM
  remote: https://rubygems.org/
  remote: https://rubygems.pkg.github.com/trinsic-id/
  specs:
    google-protobuf (3.17.3-x64-mingw32)
    googleapis-common-protos-types (1.1.0)
      google-protobuf (~> 3.14)
    grpc (1.38.0-x64-mingw32)
      google-protobuf (~> 3.15)
      googleapis-common-protos-types (~> 1.0)
    minitest (5.14.4)
    okapi (0.1.0)
    rake (12.3.3)

PLATFORMS
  x64-mingw32

DEPENDENCIES
  google-protobuf
  grpc
  minitest (~> 5.0)
  okapi (= 0.1.0)!
  rake (~> 12.0)
  trinsic!

BUNDLED WITH
   2.1.4
